GEM
  remote: http://rubygems.org/
  specs:
    aruba (0.3.6)
      childprocess (>= 0.1.7)
      cucumber (>= 0.10.0)
      rspec (>= 2.5.0)
    builder (3.2.3)
    capybara (0.4.1.2)
      celerity (>= 0.7.9)
      culerity (>= 0.2.4)
      mime-types (>= 1.16)
      nokogiri (>= 1.3.3)
      rack (>= 1.0.0)
      rack-test (>= 0.5.4)
      selenium-webdriver (>= 0.0.27)
      xpath (~> 0.1.3)
    capybara-webkit (0.3.0)
      capybara (~> 0.4.1)
    celerity (0.9.2)
    childprocess (0.6.2)
      ffi (~> 1.0, >= 1.0.11)
    chunky_png (1.3.8)
    colored (1.2)
    cucumber (0.10.2)
      builder (>= 2.1.2)
      diff-lcs (>= 1.1.2)
      gherkin (>= 2.3.5)
      json (>= 1.4.6)
      term-ansicolor (>= 1.0.5)
    culerity (0.2.15)
    diff-lcs (1.1.3)
    ffi (1.9.18)
    gherkin (4.0.0)
    json (2.0.3)
    mime-types (3.1)
      mime-types-data (~> 3.2015)
    mime-types-data (3.2016.0521)
    mini_portile2 (2.1.0)
    nokogiri (1.7.0.1)
      mini_portile2 (~> 2.1.0)
    rack (2.0.1)
    rack-test (0.6.3)
      rack (>= 1.0)
    rspec (2.6.0)
      rspec-core (~> 2.6.0)
      rspec-expectations (~> 2.6.0)
      rspec-mocks (~> 2.6.0)
    rspec-core (2.6.4)
    rspec-expectations (2.6.0)
      diff-lcs (~> 1.1.2)
    rspec-mocks (2.6.0)
    rubyzip (1.2.1)
    selenium-webdriver (3.2.2)
      childprocess (~> 0.5)
      rubyzip (~> 1.0)
      websocket (~> 1.0)
    term-ansicolor (1.4.0)
      tins (~> 1.0)
    tins (1.13.2)
    websocket (1.2.4)
    xpath (0.1.4)
      nokogiri (~> 1.3)

PLATFORMS
  ruby

DEPENDENCIES
  aruba (= 0.3.6)
  capybara (= 0.4.1.2)
  capybara-webkit (= 0.3.0)
  chunky_png
  colored
  cucumber (= 0.10.2)
  rspec (= 2.6.0)

BUNDLED WITH
   1.13.6
